GEM
  remote: http://rubygems.org/
  specs:
    crack (0.3.2)
    diff-lcs (1.2.4)
    hirb (0.7.1)
    json (1.7.7-java)
    multi_json (1.7.3)
    rdoc (4.0.1)
      json (~> 1.4)
    rspec (2.13.0)
      rspec-core (~> 2.13.0)
      rspec-expectations (~> 2.13.0)
      rspec-mocks (~> 2.13.0)
    rspec-core (2.13.1)
    rspec-expectations (2.13.0)
      diff-lcs (>= 1.1.3, < 2.0)
    rspec-mocks (2.13.1)
    simplecov (0.7.1)
      multi_json (~> 1.0)
      simplecov-html (~> 0.7.1)
    simplecov-html (0.7.1)

PLATFORMS
  java

DEPENDENCIES
  bundler
  crack (~> 0.3.2)
  hirb
  rdoc
  rspec
  simplecov
